NUGET
  remote: https://nuget.org/api/v2
  specs:
    Chessie (0.0.7)
    FAKE (3.17.13)
    FSharp.Compiler.Service (0.0.84)
    FSharp.Data.SqlClient (1.5.12)
      Microsoft.SqlServer.Types (>= 11.0.0)
    FSharp.Formatting (2.7.4)
      FSharp.Compiler.Service (>= 0.0.82)
      FSharpVSPowerTools.Core (>= 1.7.0)
    FSharpVSPowerTools.Core (1.7.0)
      FSharp.Compiler.Service (>= 0.0.81)
    FsUnit (1.3.0.1)
      NUnit (>= 2.6.3)
    Insight.Database (5.2.2)
      Insight.Database.Core (>= 5.2.2)
    Insight.Database.Core (5.2.2)
    Microsoft.Bcl (1.1.10)
      Microsoft.Bcl.Build (>= 1.0.14)
    Microsoft.Bcl.Build (1.0.21)
    Microsoft.Net.Http (2.2.29)
      Microsoft.Bcl (>= 1.1.10)
      Microsoft.Bcl.Build (>= 1.0.14)
    Microsoft.SqlServer.Types (11.0.2)
    NUnit (2.6.4)
    NUnit.Runners (2.6.4)
    Octokit (0.7.1)
      Microsoft.Net.Http
    SourceLink.Fake (0.4.2)
    SQLProvider (0.0.9-alpha)
GITHUB
  remote: fsharp/FAKE
  specs:
    modules/Octokit/Octokit.fsx (99bf805630805455031684c9369b1872d14a4fdd)
      Octokit